GEM
  remote: http://rubygems.org/
  specs:
    diff-lcs (1.1.2)
    growl_notify (0.0.1)
      rb-appscript
    guard (0.6.0)
      thor (~> 0.14.6)
    guard-rspec (0.4.1)
      guard (>= 0.4.0)
    rb-appscript (0.6.1)
    rb-fsevent (0.4.3)
    rspec (2.6.0)
      rspec-core (~> 2.6.0)
      rspec-expectations (~> 2.6.0)
      rspec-mocks (~> 2.6.0)
    rspec-core (2.6.4)
    rspec-expectations (2.6.0)
      diff-lcs (~> 1.1.2)
    rspec-mocks (2.6.0)
    thor (0.14.6)

PLATFORMS
  ruby

DEPENDENCIES
  growl_notify
  guard
  guard-rspec
  rb-fsevent
  rspec
